GEM
  remote: https://rubygems.org/
  specs:
    backports (3.6.8)
    coderay (1.1.2)
    foreman (0.78.0)
      thor (~> 0.19.1)
    kgio (2.10.0)
    memcache-client (1.8.5)
    method_source (0.9.0)
    multi_json (1.11.2)
    mysql2 (0.4.3)
    pry (0.11.3)
      coderay (~> 1.1.0)
      method_source (~> 0.9.0)
    rack (1.6.4)
    rack-flash3 (1.0.5)
      rack
    rack-protection (1.5.3)
      rack
    rack-test (0.6.3)
      rack (>= 1.0)
    raindrops (0.16.0)
    sinatra (1.4.7)
      rack (~> 1.5)
      rack-protection (~> 1.4)
      tilt (>= 1.3, < 3)
    sinatra-contrib (1.4.6)
      backports (>= 2.0)
      multi_json
      rack-protection
      rack-test
      sinatra (~> 1.4.0)
      tilt (>= 1.3, < 3)
    thor (0.19.1)
    tilt (2.0.2)
    unicorn (5.0.1)
      kgio (~> 2.6)
      rack
      raindrops (~> 0.7)

PLATFORMS
  ruby

DEPENDENCIES
  foreman
  memcache-client
  mysql2
  pry
  rack-flash3
  sinatra
  sinatra-contrib
  unicorn

BUNDLED WITH
   1.16.1
